GEM
  remote: https://rubygems.org/
  specs:
    kronic (1.1.3)
    redcarpet (3.5.1)

PLATFORMS
  ruby

DEPENDENCIES
  kronic
  redcarpet

RUBY VERSION
   ruby 2.7.1p83

BUNDLED WITH
   2.1.4
